GEM
  remote: http://rubygems.org/
  specs:
    archive-zip (0.12.0)
      io-like (~> 0.3.0)
    childprocess (1.0.1)
      rake (< 13.0)
    chromedriver-helper (2.1.1)
      archive-zip (~> 0.10)
      nokogiri (~> 1.8)
    chunky_png (1.3.11)
    io-like (0.3.0)
    mini_portile2 (2.8.1)
    nokogiri (1.14.3)
      mini_portile2 (~> 2.8.0)
      racc (~> 1.4)
    oily_png (1.2.1)
      chunky_png (~> 1.3.7)
    racc (1.6.2)
    rake (12.3.3)
    rubyzip (1.3.0)
    selenium-webdriver (3.142.3)
      childprocess (>= 0.5, < 2.0)
      rubyzip (~> 1.2, >= 1.2.2)

PLATFORMS
  ruby

DEPENDENCIES
  chromedriver-helper
  oily_png
  selenium-webdriver

BUNDLED WITH
   1.11.2
